GEM
  remote: http://rubygems.org/
  specs:
    daemons (1.1.4)
    eventmachine (0.12.10)
    faker (0.9.5)
      i18n (~> 0.4)
    haml (3.1.2)
    i18n (0.6.0)
    maruku (0.6.0)
      syntax (>= 1.0.0)
    mercury (1.0.2)
      faker
      haml (>= 3.0.0)
      maruku
      sinatra (>= 1.0.0)
    rack (1.3.2)
    sinatra (1.2.6)
      rack (~> 1.1)
      tilt (< 2.0, >= 1.2.2)
    syntax (1.0.0)
    thin (1.2.11)
      daemons (>= 1.0.9)
      eventmachine (>= 0.12.6)
      rack (>= 1.0.0)
    tilt (1.3.2)

PLATFORMS
  ruby

DEPENDENCIES
  mercury
  thin
