GEM
  remote: https://rubygems.org/
  specs:
    coffee-script (2.3.0)
      coffee-script-source
      execjs
    coffee-script-source (1.8.0)
    directory_watcher (1.4.1)
    execjs (2.2.2)
    haml (4.0.6)
      tilt
    kgio (2.9.2)
    rack (1.6.0)
    raindrops (0.13.0)
    redcarpet (3.2.2)
    sass (3.4.9)
    slop (3.3.2)
    stasis (0.2.0)
      directory_watcher (= 1.4.1)
      slop (= 3.3.2)
      tilt (= 1.3.3)
    tilt (1.3.3)
    unicorn (4.8.3)
      kgio (~> 2.6)
      rack
      raindrops (~> 0.7)

PLATFORMS
  ruby

DEPENDENCIES
  coffee-script
  haml
  rack
  redcarpet
  sass
  stasis
  unicorn
